GEM
  remote: https://rubygems.org/
  specs:
    byebug (11.1.3)
    mini_magick (5.0.0)

PLATFORMS
  ruby
  x86_64-linux

DEPENDENCIES
  byebug
  mini_magick

BUNDLED WITH
   2.5.6
